GEM
  remote: https://rubygems.org/
  specs:
    rake (13.0.6)

PLATFORMS
  ruby

DEPENDENCIES
  rake (>= 12.3.3)

BUNDLED WITH
   2.1.4
